GEM
  remote: https://rubygems.org/
  specs:
    addressable (2.3.6)
    cookiejar (0.3.2)
    dotenv (0.7.0)
    em-hiredis (0.2.1)
      hiredis (~> 0.4.0)
    em-http-request (1.1.2)
      addressable (>= 2.3.4)
      cookiejar
      em-socksify (>= 0.3)
      eventmachine (>= 1.0.3)
      http_parser.rb (>= 0.6.0)
    em-socksify (0.3.0)
      eventmachine (>= 1.0.0.beta.4)
    eventmachine (1.0.3)
    faraday (0.9.0)
      multipart-post (>= 1.2, < 3)
    faye-websocket (0.7.3)
      eventmachine (>= 0.12.0)
      websocket-driver (>= 0.3.1)
    firehose (1.2.11)
      em-hiredis (>= 0.2.0)
      em-http-request (>= 1.0.0)
      eventmachine (>= 1.0.0)
      faraday
      faye-websocket
      json
      rack (~> 1.4.0)
      thor
    foreman (0.66.0)
      dotenv (~> 0.7.0)
      thor (~> 0.19.1)
    hike (1.2.3)
    hiredis (0.4.5)
    http_parser.rb (0.6.0)
    json (1.8.1)
    kgio (2.9.2)
    multi_json (1.10.0)
    multipart-post (2.0.0)
    rack (1.4.5)
    rainbows (4.4.3)
      kgio (~> 2.5)
      rack (~> 1.1)
      unicorn (~> 4.1)
    raindrops (0.13.0)
    sprockets (2.12.1)
      hike (~> 1.2)
      multi_json (~> 1.0)
      rack (~> 1.0)
      tilt (~> 1.1, != 1.3.0)
    thor (0.19.1)
    tilt (1.4.1)
    unicorn (4.8.3)
      kgio (~> 2.6)
      rack
      raindrops (~> 0.7)
    websocket-driver (0.3.3)

PLATFORMS
  ruby

DEPENDENCIES
  firehose
  foreman
  rainbows (~> 4.4.3)
  sprockets
